GEM
  remote: https://rubygems.org/
  specs:
    coderay (1.1.3)
    memory_profiler (1.1.0)
    method_source (1.1.0)
    minitest (5.25.4)
    pry (0.14.2)
      coderay (~> 1.1)
      method_source (~> 1.0)
    ruby-prof (1.7.1)
    stackprof (0.2.27)

PLATFORMS
  ruby
  x86_64-linux

DEPENDENCIES
  memory_profiler
  minitest
  pry
  ruby-prof
  stackprof

RUBY VERSION
   ruby 3.3.6p108

BUNDLED WITH
   2.5.22
