GEM
  remote: https://rubygems.org/
  specs:
    stackprof (0.2.27)

PLATFORMS
  ruby
  x86_64-darwin-21

DEPENDENCIES
  stackprof

BUNDLED WITH
   2.5.16
